PATH
  remote: .
  specs:
    idea_fragments_system_observability (0.1.0)
      activesupport (~> 7.0)
      bugsnag (~> 6.24)
      dogstatsd-ruby (~> 5.5)
      newrelic_rpm (~> 8.9)
      rake (~> 13.0)
      sidekiq (~> 6.5)

GEM
  remote: https://rubygems.org/
  specs:
    activesupport (7.0.3.1)
      concurrent-ruby (~> 1.0, >= 1.0.2)
      i18n (>= 1.6, < 2)
      minitest (>= 5.1)
      tzinfo (~> 2.0)
    ast (2.4.2)
    bugsnag (6.24.2)
      concurrent-ruby (~> 1.0)
    concurrent-ruby (1.1.10)
    connection_pool (2.2.5)
    diff-lcs (1.5.0)
    dogstatsd-ruby (5.5.0)
    faker (2.21.0)
      i18n (>= 1.8.11, < 2)
    i18n (1.10.0)
      concurrent-ruby (~> 1.0)
    minitest (5.16.2)
    newrelic_rpm (8.9.0)
    parallel (1.22.1)
    parser (3.1.2.0)
      ast (~> 2.4.1)
    rack (2.2.4)
    rainbow (3.1.1)
    rake (13.0.6)
    redis (4.6.0)
    regexp_parser (2.5.0)
    rexml (3.2.5)
    rspec (3.11.0)
      rspec-core (~> 3.11.0)
      rspec-expectations (~> 3.11.0)
      rspec-mocks (~> 3.11.0)
    rspec-core (3.11.0)
      rspec-support (~> 3.11.0)
    rspec-expectations (3.11.0)
      diff-lcs (>= 1.2.0, < 2.0)
      rspec-support (~> 3.11.0)
    rspec-mocks (3.11.1)
      diff-lcs (>= 1.2.0, < 2.0)
      rspec-support (~> 3.11.0)
    rspec-support (3.11.0)
    rubocop (1.29.1)
      parallel (~> 1.10)
      parser (>= 3.1.0.0)
      rainbow (>= 2.2.2, < 4.0)
      regexp_parser (>= 1.8, < 3.0)
      rexml (>= 3.2.5, < 4.0)
      rubocop-ast (>= 1.17.0, < 2.0)
      ruby-progressbar (~> 1.7)
      unicode-display_width (>= 1.4.0, < 3.0)
    rubocop-ast (1.19.1)
      parser (>= 3.1.1.0)
    rubocop-rspec (2.11.1)
      rubocop (~> 1.19)
    ruby-progressbar (1.11.0)
    sidekiq (6.5.1)
      connection_pool (>= 2.2.2)
      rack (~> 2.0)
      redis (>= 4.2.0)
    timecop (0.9.5)
    tzinfo (2.0.5)
      concurrent-ruby (~> 1.0)
    unicode-display_width (2.2.0)

PLATFORMS
  x86_64-linux

DEPENDENCIES
  faker
  idea_fragments_system_observability!
  rspec (~> 3.0)
  rubocop (~> 1.21)
  rubocop-rspec (~> 2.10)
  timecop (~> 0.9)

BUNDLED WITH
   2.3.7
